GEM
  remote: https://rubygems.org/
  specs:
    ast (2.1.0)
    astrolabe (1.3.1)
      parser (~> 2.2)
    mini_portile (0.7.0.rc4)
    nokogiri (1.6.7.rc3)
      mini_portile (~> 0.7.0.rc4)
    parser (2.2.3.0)
      ast (>= 1.1, < 3.0)
    powerpack (0.1.1)
    rainbow (2.0.0)
    require_all (1.3.2)
    rubocop (0.34.2)
      astrolabe (~> 1.3)
      parser (>= 2.2.2.5, < 3.0)
      powerpack (~> 0.1)
      rainbow (>= 1.99.1, < 3.0)
      ruby-progressbar (~> 1.4)
    ruby-mp3info (0.8.7)
    ruby-progressbar (1.7.5)

PLATFORMS
  ruby

DEPENDENCIES
  nokogiri (>= 1.6.7.rc3)
  require_all (>= 1.3.2)
  rubocop (>= 0.34.2)
  ruby-mp3info (>= 0.8.7)

BUNDLED WITH
   1.10.6
