GEM
  remote: https://rubygems.org/
  specs:
    ast (2.1.0)
    astrolabe (1.3.1)
      parser (~> 2.2)
    mini_portile2 (2.0.0)
    nokogiri (1.6.7.1)
      mini_portile2 (~> 2.0.0.rc2)
    parser (2.2.3.0)
      ast (>= 1.1, < 3.0)
    powerpack (0.1.1)
    rainbow (2.0.0)
    require_all (1.3.3)
    rubocop (0.35.1)
      astrolabe (~> 1.3)
      parser (>= 2.2.3.0, < 3.0)
      powerpack (~> 0.1)
      rainbow (>= 1.99.1, < 3.0)
      ruby-progressbar (~> 1.7)
      tins (<= 1.6.0)
    ruby-mp3info (0.8.7)
    ruby-progressbar (1.7.5)
    tins (1.6.0)

PLATFORMS
  ruby

DEPENDENCIES
  nokogiri (>= 1.6.7.1)
  require_all (>= 1.3.3)
  rubocop (>= 0.35.1)
  ruby-mp3info (>= 0.8.7)

BUNDLED WITH
   1.10.6
