GEM
  remote: https://rubygems.org/
  specs:
    ast (2.2.0)
    byebug (8.2.1)
    coderay (1.1.0)
    method_source (0.8.2)
    mini_portile2 (2.0.0)
    minitest (5.8.4)
    nokogiri (1.6.7.2)
      mini_portile2 (~> 2.0.0.rc2)
    parser (2.3.0.2)
      ast (~> 2.2)
    powerpack (0.1.1)
    pry (0.10.3)
      coderay (~> 1.1.0)
      method_source (~> 0.8.1)
      slop (~> 3.4)
    pry-byebug (3.3.0)
      byebug (~> 8.0)
      pry (~> 0.10)
    rainbow (2.1.0)
    rake (10.5.0)
    require_all (1.3.3)
    rubocop (0.36.0)
      parser (>= 2.3.0.0, < 3.0)
      powerpack (~> 0.1)
      rainbow (>= 1.99.1, < 3.0)
      ruby-progressbar (~> 1.7)
    ruby-mp3info (0.8.8)
    ruby-progressbar (1.7.5)
    slop (3.6.0)

PLATFORMS
  ruby

DEPENDENCIES
  minitest (>= 5.8.4)
  nokogiri (>= 1.6.7.2)
  pry-byebug (>= 3.3.0)
  rake (>= 10.5.0)
  require_all (>= 1.3.3)
  rubocop (>= 0.36.0)
  ruby-mp3info (>= 0.8.8)

BUNDLED WITH
   1.11.2
