GEM
  remote: https://rubygems.org/
  specs:
    ast (2.2.0)
    mini_portile2 (2.0.0)
    nokogiri (1.6.7.2)
      mini_portile2 (~> 2.0.0.rc2)
    parser (2.3.0.2)
      ast (~> 2.2)
    powerpack (0.1.1)
    rainbow (2.1.0)
    require_all (1.3.3)
    rubocop (0.36.0)
      parser (>= 2.3.0.0, < 3.0)
      powerpack (~> 0.1)
      rainbow (>= 1.99.1, < 3.0)
      ruby-progressbar (~> 1.7)
    ruby-mp3info (0.8.8)
    ruby-progressbar (1.7.5)

PLATFORMS
  ruby

DEPENDENCIES
  nokogiri (>= 1.6.7.2)
  require_all (>= 1.3.3)
  rubocop (>= 0.36.0)
  ruby-mp3info (>= 0.8.8)

BUNDLED WITH
   1.11.2
